GEM
  remote: http://rubygems.org/
  specs:
    RedCloth (4.2.9)
    addressable (2.2.8)
    erubis (2.7.0)
    excon (0.14.3)
    heroku (2.28.10)
      heroku-api (~> 0.2.7)
      launchy (>= 0.3.2)
      netrc (~> 0.7.5)
      rest-client (~> 1.6.1)
      rubyzip
    heroku-api (0.2.7)
      excon (~> 0.14.3)
    itextomml (1.4.10)
    json (1.7.3)
    launchy (2.1.0)
      addressable (~> 2.2.6)
    mime-types (1.19)
    netrc (0.7.5)
    nokogiri (1.5.5)
    rack (1.4.1)
    rake (0.9.2.2)
    rdoc (3.12)
      json (~> 1.4)
    rest-client (1.6.7)
      mime-types (>= 1.16)
    rubyzip (0.9.9)
    sqlite3 (1.3.6)
    sqlite3-ruby (1.3.3)
      sqlite3 (>= 1.3.3)

PLATFORMS
  ruby

DEPENDENCIES
  RedCloth (>= 4.0.0)
  erubis
  heroku
  itextomml (>= 1.4.7)
  json
  nokogiri
  rack (>= 1.1.0)
  rake
  rdoc
  rubyzip
  sqlite3-ruby
